GEM
  remote: https://www.rubygems.org/
  specs:
    base64 (0.2.0)
    builder (3.2.2)
    connection_pool (2.4.1)
    cucumber (1.3.8)
      builder (>= 2.1.2)
      diff-lcs (>= 1.1.3)
      gherkin (~> 2.12.1)
      multi_json (>= 1.7.5, < 2.0)
      multi_test (>= 0.0.2)
    diff-lcs (1.2.4)
    gherkin (2.12.1)
      multi_json (~> 1.3)
    logger (1.6.3)
    mime-types (1.25)
    multi_json (1.8.0)
    multi_test (0.0.2)
    net-http-persistent (4.0.5)
      connection_pool (~> 2.2)
    rest-client (1.6.7)
      mime-types (>= 1.16)
    rexml (3.3.9)
    rspec (2.14.1)
      rspec-core (~> 2.14.0)
      rspec-expectations (~> 2.14.0)
      rspec-mocks (~> 2.14.0)
    rspec-core (2.14.5)
    rspec-expectations (2.14.2)
      diff-lcs (>= 1.1.3, < 2.0)
    rspec-mocks (2.14.3)
    rubyzip (1.3.0)
    selenium-webdriver (4.27.0)
      base64 (~> 0.2)
      logger (~> 1.4)
      rexml (~> 3.2, >= 3.2.5)
      rubyzip (>= 1.2.2, < 3.0)
      websocket (~> 1.0)
    websocket (1.0.7)

PLATFORMS
  ruby

DEPENDENCIES
  cucumber
  net-http-persistent
  rest-client
  rspec
  rspec-expectations
  selenium-webdriver
